GEM
  remote: http://rubygems.org/
  specs:
    haml (5.0.3)
      temple (>= 0.8.0)
      tilt
    rack (2.0.3)
    temple (0.8.0)
    tilt (2.0.8)

PLATFORMS
  x86-mingw32

DEPENDENCIES
  haml
  rack

BUNDLED WITH
   1.15.4
